GEM
  remote: https://rubygems.org/
  specs:
    airbrussh (1.5.1)
      sshkit (>= 1.6.1, != 1.7.0)
    backports (3.25.0)
    bson (4.5.0)
    capistrano (3.11.2)
      airbrussh (>= 1.0.0)
      i18n
      rake (>= 10.0.0)
      sshkit (>= 1.9.0)
    capistrano-bundler (1.6.0)
      capistrano (~> 3.1)
    capistrano-rvm (0.1.2)
      capistrano (~> 3.0)
      sshkit (~> 1.2)
    capistrano3-puma (5.0.4)
      capistrano (~> 3.7)
      capistrano-bundler
      puma (>= 4.0, < 6.0)
    coderay (1.1.2)
    concurrent-ruby (1.2.2)
    diff-lcs (1.3)
    docile (1.3.2)
    i18n (1.14.1)
      concurrent-ruby (~> 1.0)
    json (2.3.1)
    method_source (0.9.2)
    mini_portile2 (2.8.5)
    mongo (2.10.1)
      bson (>= 4.4.2, < 5.0.0)
    multi_json (1.15.0)
    mustermann (1.1.2)
      ruby2_keywords (~> 0.0.1)
    mutex_m (0.2.0)
    net-scp (2.0.0)
      net-ssh (>= 2.6.5, < 6.0.0)
    net-sftp (4.0.0)
      net-ssh (>= 5.0.0, < 8.0.0)
    net-ssh (5.2.0)
    nio4r (2.5.2)
    nokogiri (1.15.6)
      mini_portile2 (~> 2.8.2)
      racc (~> 1.4)
    pry (0.12.2)
      coderay (~> 1.1.0)
      method_source (~> 0.9.0)
    puma (5.6.8)
      nio4r (~> 2.0)
    racc (1.7.3)
    rack (2.2.9)
    rack-protection (2.0.8.1)
      rack
    rack-test (2.0.2)
      rack (>= 1.3)
    rake (13.1.0)
    rspec (3.8.0)
      rspec-core (~> 3.8.0)
      rspec-expectations (~> 3.8.0)
      rspec-mocks (~> 3.8.0)
    rspec-core (3.8.2)
      rspec-support (~> 3.8.0)
    rspec-expectations (3.8.4)
      diff-lcs (>= 1.2.0, < 2.0)
      rspec-support (~> 3.8.0)
    rspec-mocks (3.8.1)
      diff-lcs (>= 1.2.0, < 2.0)
      rspec-support (~> 3.8.0)
    rspec-support (3.8.2)
    ruby2_keywords (0.0.5)
    simplecov (0.17.0)
      docile (~> 1.1)
      json (>= 1.8, < 3)
      simplecov-html (~> 0.10.0)
    simplecov-html (0.10.2)
    sinatra (2.0.8.1)
      mustermann (~> 1.0)
      rack (~> 2.0)
      rack-protection (= 2.0.8.1)
      tilt (~> 2.0)
    sinatra-contrib (2.0.8.1)
      backports (>= 2.8.2)
      multi_json
      mustermann (~> 1.0)
      rack-protection (= 2.0.8.1)
      sinatra (= 2.0.8.1)
      tilt (~> 2.0)
    sshkit (1.22.0)
      mutex_m
      net-scp (>= 1.1.2)
      net-sftp (>= 2.1.2)
      net-ssh (>= 2.8.0)
    tilt (2.3.0)
    tzinfo (2.0.4)
      concurrent-ruby (~> 1.0)

PLATFORMS
  ruby

DEPENDENCIES
  capistrano (~> 3.11.0)
  capistrano-bundler (~> 1.6.0)
  capistrano-rvm (~> 0.1.2)
  capistrano3-puma (~> 5.0.0)
  mongo (~> 2.10.1)
  nokogiri (~> 1.15.6)
  pry (~> 0.12.2)
  puma (~> 5.6.8)
  rack-test (~> 2.0.0)
  rspec (~> 3.8.0)
  simplecov (~> 0.17.0)
  sinatra (~> 2.0.8)
  sinatra-contrib (~> 2.0.8)
  tzinfo (~> 2.0)

BUNDLED WITH
   1.17.3
